PATH
  remote: .
  specs:
    opzworks (0.4.6)
      aws-sdk (~> 2.2.7)
      diffy (~> 3.1.0)
      faraday (~> 0.9.2)
      inifile (~> 2.0.2)
      net-ssh (~> 3.0.1)
      net-ssh-multi (~> 1.2.1)
      rainbow (~> 2.0.0)
      rubocop (~> 0.35.0)
      trollop (~> 2.0)

GEM
  remote: https://rubygems.org/
  specs:
    ast (2.2.0)
    astrolabe (1.3.1)
      parser (~> 2.2)
    awesome_print (1.6.1)
    aws-sdk (2.2.11)
      aws-sdk-resources (= 2.2.11)
    aws-sdk-core (2.2.11)
      jmespath (~> 1.0)
    aws-sdk-resources (2.2.11)
      aws-sdk-core (= 2.2.11)
    diffy (3.1.0)
    faraday (0.9.2)
      multipart-post (>= 1.2, < 3)
    inifile (2.0.2)
    jmespath (1.1.3)
    multipart-post (2.0.0)
    net-ssh (3.0.2)
    net-ssh-gateway (1.2.0)
      net-ssh (>= 2.6.5)
    net-ssh-multi (1.2.1)
      net-ssh (>= 2.6.5)
      net-ssh-gateway (>= 1.2.0)
    parser (2.3.0.1)
      ast (~> 2.2)
    powerpack (0.1.1)
    rainbow (2.0.0)
    rake (10.5.0)
    rubocop (0.35.1)
      astrolabe (~> 1.3)
      parser (>= 2.2.3.0, < 3.0)
      powerpack (~> 0.1)
      rainbow (>= 1.99.1, < 3.0)
      ruby-progressbar (~> 1.7)
      tins (<= 1.6.0)
    ruby-progressbar (1.7.5)
    tins (1.6.0)
    trollop (2.1.2)

PLATFORMS
  ruby

DEPENDENCIES
  awesome_print
  bundler (~> 1.11)
  opzworks!
  rake

BUNDLED WITH
   1.11.2
