PATH
  remote: .
  specs:
    opzworks (0.11.0)
      aws-sdk (~> 2.2.26)
      diffy (~> 3.1.0)
      faraday (~> 0.9.2)
      inifile (~> 3.0.0)
      net-ssh (~> 3.0.2)
      net-ssh-multi (~> 1.2.1)
      rainbow (~> 2.0.0)
      trollop (~> 2.0)

GEM
  remote: https://rubygems.org/
  specs:
    ast (2.2.0)
    awesome_print (1.6.1)
    aws-sdk (2.2.26)
      aws-sdk-resources (= 2.2.26)
    aws-sdk-core (2.2.26)
      jmespath (~> 1.0)
    aws-sdk-resources (2.2.26)
      aws-sdk-core (= 2.2.26)
    diffy (3.1.0)
    faraday (0.9.2)
      multipart-post (>= 1.2, < 3)
    inifile (3.0.0)
    jmespath (1.1.3)
    multipart-post (2.0.0)
    net-ssh (3.0.2)
    net-ssh-gateway (1.2.0)
      net-ssh (>= 2.6.5)
    net-ssh-multi (1.2.1)
      net-ssh (>= 2.6.5)
      net-ssh-gateway (>= 1.2.0)
    parser (2.3.0.6)
      ast (~> 2.2)
    powerpack (0.1.1)
    rainbow (2.0.0)
    rake (11.1.1)
    rubocop (0.37.2)
      parser (>= 2.3.0.4, < 3.0)
      powerpack (~> 0.1)
      rainbow (>= 1.99.1, < 3.0)
      ruby-progressbar (~> 1.7)
      unicode-display_width (~> 0.3)
    ruby-progressbar (1.7.5)
    trollop (2.1.2)
    unicode-display_width (0.3.1)

PLATFORMS
  ruby

DEPENDENCIES
  awesome_print
  bundler (~> 1.11)
  opzworks!
  rake
  rubocop (~> 0.37.0)

BUNDLED WITH
   1.11.2
